PATH
  remote: .
  specs:
    unicorn_worker_killer (0.4.2)
      get_process_mem (~> 0)
      unicorn (~> 4)

GEM
  remote: https://rubygems.org/
  specs:
    get_process_mem (0.0.2)
    kgio (2.9.2)
    rack (1.5.2)
    raindrops (0.13.0)
    rake (10.1.1)
    unicorn (4.8.2)
      kgio (~> 2.6)
      rack
      raindrops (~> 0.7)

PLATFORMS
  ruby

DEPENDENCIES
  rake (~> 10.1)
  unicorn_worker_killer!
